GEM
  remote: https://rubygems.org/
  specs:
    ansi (1.5.0)
    bcrypt (3.1.17)
    builder (3.2.4)
    docile (1.4.0)
    erubis (2.7.0)
    minitest (5.15.0)
    minitest-reporters (1.5.0)
      ansi
      builder
      minitest (>= 5.0)
      ruby-progressbar
    multi_json (1.15.0)
    mustermann (1.1.1)
      ruby2_keywords (~> 0.0.1)
    nio4r (2.5.8)
    puma (5.6.4)
      nio4r (~> 2.0)
    rack (2.2.3)
    rack-protection (2.2.0)
      rack
    rack-test (1.1.0)
      rack (>= 1.0, < 3)
    rake (13.0.6)
    ruby-progressbar (1.11.0)
    ruby2_keywords (0.0.5)
    simplecov (0.21.2)
      docile (~> 1.1)
      simplecov-html (~> 0.11)
      simplecov_json_formatter (~> 0.1)
    simplecov-html (0.12.3)
    simplecov_json_formatter (0.1.4)
    sinatra (2.2.0)
      mustermann (~> 1.0)
      rack (~> 2.2)
      rack-protection (= 2.2.0)
      tilt (~> 2.0)
    sinatra-contrib (2.2.0)
      multi_json
      mustermann (~> 1.0)
      rack-protection (= 2.2.0)
      sinatra (= 2.2.0)
      tilt (~> 2.0)
    tilt (2.0.10)
    webrick (1.7.0)

PLATFORMS
  x86_64-darwin-21

DEPENDENCIES
  bcrypt
  erubis
  minitest
  minitest-reporters
  puma
  rack-test
  rake
  simplecov
  sinatra
  sinatra-contrib
  webrick

RUBY VERSION
   ruby 3.0.2p107

BUNDLED WITH
   2.3.7
